GEM
  remote: http://rubygems.org/
  specs:
    git (1.2.5)
    jeweler (1.8.4)
      bundler (~> 1.0)
      git (>= 1.2.5)
      rake
      rdoc
    json (1.8.3)
    pdf-core (0.6.1)
    power_assert (0.3.0)
    prawn (2.1.0)
      pdf-core (~> 0.6.1)
      ttfunk (~> 1.4.0)
    prawn-table (0.2.2)
      prawn (>= 1.3.0, < 3.0.0)
    rake (11.2.2)
    rdoc (4.2.2)
      json (~> 1.4)
    shoulda (2.11.3)
    test-unit (3.2.0)
      power_assert
    ttfunk (1.4.0)

PLATFORMS
  ruby

DEPENDENCIES
  bundler
  jeweler
  prawn
  prawn-table
  shoulda
  test-unit

BUNDLED WITH
   1.10.6
